GEM
  remote: https://rubygems.org/
  specs:
    airbrake (5.2.3)
      airbrake-ruby (~> 1.2)
    airbrake-ruby (1.2.3)
    awesome_print (1.6.1)
    byebug (8.2.4)
    domain_name (0.5.20170404)
      unf (>= 0.0.5, < 1.0.0)
    geocoder (1.4.7)
    highline (1.7.8)
    http-cookie (1.0.3)
      domain_name (~> 0.5)
    json (2.1.0)
    mime-types (3.1)
      mime-types-data (~> 3.2015)
    mime-types-data (3.2016.0521)
    netrc (0.11.0)
    redis (3.3.0)
    rest-client (2.0.2)
      http-cookie (>= 1.0.2, < 2.0)
      mime-types (>= 1.16, < 4.0)
      netrc (~> 0.8)
    unf (0.1.4)
      unf_ext
    unf_ext (0.0.7.5)
    uri-handler (1.0.2)
    uuidtools (2.1.5)

PLATFORMS
  ruby

DEPENDENCIES
  airbrake
  awesome_print
  byebug
  geocoder
  highline
  json
  redis
  rest-client
  uri-handler
  uuidtools

BUNDLED WITH
   1.16.1
