GEM
  remote: https://rubygems.org/
  specs:
    airbrake (5.2.3)
      airbrake-ruby (~> 1.2)
    airbrake-ruby (1.2.3)
    awesome_print (1.6.1)
    byebug (8.2.4)
    geocoder (1.4.7)
    highline (1.7.8)
    redis (3.3.0)
    uuidtools (2.1.5)

PLATFORMS
  ruby

DEPENDENCIES
  airbrake
  awesome_print
  byebug
  geocoder
  highline
  redis
  uuidtools

BUNDLED WITH
   1.16.1
